PATH
  remote: .
  specs:
    changepoints (0.3.0)
      narray (~> 0)

GEM
  remote: http://rubygems.org/
  specs:
    narray (0.6.1.2)

PLATFORMS
  ruby

DEPENDENCIES
  changepoints!
  narray

BUNDLED WITH
   1.16.4
